GEM
  remote: http://rubygems.org/
  specs:
    backports (2.2.1)
    builder (3.0.0)
    monkey-lib (0.5.4)
      backports
    rack (1.2.2)
    sequel (3.24.1)
    sinatra (1.2.3)
      rack (~> 1.1)
      tilt (< 2.0, >= 1.2.2)
    sinatra-advanced-routes (0.5.1)
      monkey-lib (~> 0.5.0)
      sinatra (~> 1.0)
      sinatra-sugar (~> 0.5.0)
    sinatra-reloader (0.5.0)
      sinatra (~> 1.0)
      sinatra-advanced-routes (~> 0.5.0)
    sinatra-sequel (0.9.0)
      sequel (>= 3.2.0)
      sinatra (>= 0.9.4)
    sinatra-sugar (0.5.1)
      monkey-lib (~> 0.5.0)
      sinatra (~> 1.0)
    sqlite3 (1.3.3)
    tilt (1.2.2)
    twiliolib (2.0.7)
      builder (>= 2.1.2)
    yajl-ruby (0.8.2)

PLATFORMS
  ruby

DEPENDENCIES
  sequel
  sinatra
  sinatra-reloader
  sinatra-sequel
  sqlite3
  twiliolib
  yajl-ruby
